GEM
  remote: https://rubygems.org/
  specs:
    bcrypt (3.1.10)
    pg (0.18.4)
    rack (1.6.4)
    rack-protection (1.5.3)
      rack
    sequel (4.31.0)
    sinatra (1.4.7)
      rack (~> 1.5)
      rack-protection (~> 1.4)
      tilt (>= 1.3, < 3)
    sinatra-flash (0.3.0)
      sinatra (>= 1.0.0)
    tilt (2.0.2)

PLATFORMS
  ruby

DEPENDENCIES
  bcrypt
  pg
  sequel
  sinatra
  sinatra-flash

BUNDLED WITH
   1.11.2
